GIT
  remote: git@github.com:farmisen/delayed_job.git
  revision: 86a33cf840d261e5e3353baaeb99a4ea0779276a
  specs:
    delayed_job (2.1.1)
      activesupport (~> 3.0)
      daemons

GEM
  remote: http://rubygems.org/
  specs:
    activesupport (3.0.3)
    daemons (1.1.0)
    diff-lcs (1.1.2)
    i18n (0.6.8)
    rake (0.8.7)
    rspec (2.1.0)
      rspec-core (~> 2.1.0)
      rspec-expectations (~> 2.1.0)
      rspec-mocks (~> 2.1.0)
    rspec-core (2.1.0)
    rspec-expectations (2.1.0)
      diff-lcs (~> 1.1.2)
    rspec-mocks (2.1.0)
    sequel (3.17.0)
    sqlite3-ruby (1.2.5)

PLATFORMS
  ruby

DEPENDENCIES
  activesupport
  delayed_job!
  i18n
  rake
  rspec (= 2.1.0)
  sequel
  sqlite3-ruby (= 1.2.5)
